GEM
  remote: http://rubygems.org/
  specs:
    ansi (1.2.2)
    mocha (0.9.8)
      rake
    rake (0.8.7)
    redis (2.0.6)
    shoulda (2.11.3)
    turn (0.8.0)
      ansi (>= 1.2.2)

PLATFORMS
  ruby

DEPENDENCIES
  mocha
  redis
  shoulda
  turn
