GEM
  remote: http://rubygems.org/
  specs:
    ansi (1.4.3)
    minitest (4.2.0)
    rake (10.0.0)
    redis (3.0.2)
    turn (0.9.7)
      ansi
      minitest (~> 4)

PLATFORMS
  ruby

DEPENDENCIES
  minitest
  rake
  redis (= 3.0.2)
  turn (~> 0.9.7)
